GIT
  remote: git://github.com/stanislaw/simple_roles.git
  revision: d2b17e79f4bdba7d826dcf41090f0c9fbce58798
  specs:
    simple_roles (0.0.1)
      activerecord
      rake-kit
      require_all
      simple_roles
      sugar-high
      sweetloader

GEM
  remote: http://rubygems.org/
  specs:
    abstract (1.0.0)
    actionmailer (3.0.1)
      actionpack (= 3.0.1)
      mail (~> 2.2.5)
    actionpack (3.0.1)
      activemodel (= 3.0.1)
      activesupport (= 3.0.1)
      builder (~> 2.1.2)
      erubis (~> 2.6.6)
      i18n (~> 0.4.1)
      rack (~> 1.2.1)
      rack-mount (~> 0.6.12)
      rack-test (~> 0.5.4)
      tzinfo (~> 0.3.23)
    activemodel (3.0.1)
      activesupport (= 3.0.1)
      builder (~> 2.1.2)
      i18n (~> 0.4.1)
    activerecord (3.0.1)
      activemodel (= 3.0.1)
      activesupport (= 3.0.1)
      arel (~> 1.0.0)
      tzinfo (~> 0.3.23)
    activeresource (3.0.1)
      activemodel (= 3.0.1)
      activesupport (= 3.0.1)
    activesupport (3.0.1)
    arel (1.0.1)
      activesupport (~> 3.0.0)
    bcrypt-ruby (3.0.0)
    builder (2.1.2)
    cancan (1.6.5)
    cantango (0.8.5.1)
      cancan (>= 1.4)
      hashie (>= 0.4)
      rails (>= 3.0.1)
      sqlite3
      sugar-high (>= 0.6.0)
      sweetloader (~> 0.1.0)
    devise (1.4.4)
      bcrypt-ruby (~> 3.0)
      orm_adapter (~> 0.0.3)
      warden (~> 1.0.3)
    erubis (2.6.6)
      abstract (>= 1.0.0)
    hashie (1.1.0)
    i18n (0.4.2)
    mail (2.2.19)
      activesupport (>= 2.3.6)
      i18n (>= 0.4.0)
      mime-types (~> 1.16)
      treetop (~> 1.4.8)
    mime-types (1.16)
    orm_adapter (0.0.5)
    polyglot (0.3.2)
    rack (1.2.3)
    rack-mount (0.6.14)
      rack (>= 1.0.0)
    rack-test (0.5.7)
      rack (>= 1.0)
    rails (3.0.1)
      actionmailer (= 3.0.1)
      actionpack (= 3.0.1)
      activerecord (= 3.0.1)
      activeresource (= 3.0.1)
      activesupport (= 3.0.1)
      bundler (~> 1.0.0)
      railties (= 3.0.1)
    railties (3.0.1)
      actionpack (= 3.0.1)
      activesupport (= 3.0.1)
      rake (>= 0.8.4)
      thor (~> 0.14.0)
    rake (0.9.2)
    rake-kit (0.1.5)
      rake-performance
    rake-performance (0.1.0)
    require_all (1.2.0)
    sqlite3 (1.3.4)
    sqlite3-ruby (1.2.5)
    sugar-high (0.6.0)
      activesupport (>= 3.0.1)
    sweetloader (0.1.0)
      activesupport (>= 3.0.1)
      i18n
    thor (0.14.6)
    treetop (1.4.10)
      polyglot
      polyglot (>= 0.3.1)
    tzinfo (0.3.29)
    warden (1.0.5)
      rack (>= 1.0)

PLATFORMS
  ruby

DEPENDENCIES
  cantango
  devise
  rails (= 3.0.1)
  simple_roles!
  sqlite3
  sqlite3-ruby (= 1.2.5)
  sweetloader
